GIT
  remote: git@github.com:Mixbook/s3_deployer.git
  revision: e218b6f2ba8d33a726df9802e5cd5a6a2671cefb
  specs:
    s3_deployer (0.5.3)
      aws-s3
      json
      tzinfo

GEM
  remote: https://rubygems.org/
  specs:
    aws-s3 (0.6.3)
      builder
      mime-types
      xml-simple
    builder (3.2.2)
    json (1.8.2)
    mime-types (2.4.3)
    rake (10.4.2)
    thread_safe (0.3.5)
    tzinfo (1.2.2)
      thread_safe (~> 0.1)
    xml-simple (1.1.5)

PLATFORMS
  ruby

DEPENDENCIES
  rake
  s3_deployer!
